PATH
  remote: .
  specs:
    omniauth-generator (0.1.5)

GEM
  remote: https://rubygems.org/
  specs:
    rake (13.2.1)

PLATFORMS
  ruby
  x86_64-linux

DEPENDENCIES
  omniauth-generator!
  rake (~> 13.0)

BUNDLED WITH
   2.5.20
